PATH
  remote: .
  specs:
    dconfig (0.1.0)
      redis (~> 2.2.2)

GEM
  remote: http://rubygems.org/
  specs:
    redis (2.2.2)

PLATFORMS
  ruby

DEPENDENCIES
  dconfig!
